GEM
  remote: https://rubygems.org/
  specs:
    rainbow (3.0.0)
    sorbet (0.4.5059)
      sorbet-static (= 0.4.5059)
    sorbet-runtime (0.4.5059)
    sorbet-static (0.4.5059-universal-darwin-14)

PLATFORMS
  ruby

DEPENDENCIES
  rainbow (~> 3.0)
  sorbet
  sorbet-runtime

BUNDLED WITH
   2.0.2
